GEM
  remote: https://rubygems.org/
  specs:
    activesupport (7.2.1)
      base64
      bigdecimal
      concurrent-ruby (~> 1.0, >= 1.3.1)
      connection_pool (>= 2.2.5)
      drb
      i18n (>= 1.6, < 2)
      logger (>= 1.4.2)
      minitest (>= 5.1)
      securerandom (>= 0.3)
      tzinfo (~> 2.0, >= 2.0.5)
    addressable (2.8.7)
      public_suffix (>= 2.0.2, < 7.0)
    ast (2.4.2)
    aws-eventstream (1.3.0)
    aws-partitions (1.968.0)
    aws-sdk-core (3.201.5)
      aws-eventstream (~> 1, >= 1.3.0)
      aws-partitions (~> 1, >= 1.651.0)
      aws-sigv4 (~> 1.9)
      jmespath (~> 1, >= 1.6.1)
    aws-sdk-kms (1.88.0)
      aws-sdk-core (~> 3, >= 3.201.0)
      aws-sigv4 (~> 1.5)
    aws-sdk-s3 (1.159.0)
      aws-sdk-core (~> 3, >= 3.201.0)
      aws-sdk-kms (~> 1)
      aws-sigv4 (~> 1.5)
    aws-sigv4 (1.9.1)
      aws-eventstream (~> 1, >= 1.0.2)
    base64 (0.2.0)
    bcp47_spec (0.2.1)
    bigdecimal (3.1.8)
    builder (3.3.0)
    byebug (11.1.3)
    coderay (1.1.3)
    concurrent-ruby (1.3.4)
    connection_pool (2.4.1)
    crack (1.0.0)
      bigdecimal
      rexml
    diff-lcs (1.5.1)
    docile (1.4.1)
    drb (2.2.1)
    dry-core (1.0.1)
      concurrent-ruby (~> 1.0)
      zeitwerk (~> 2.6)
    dry-inflector (1.1.0)
    dry-logic (1.5.0)
      concurrent-ruby (~> 1.0)
      dry-core (~> 1.0, < 2)
      zeitwerk (~> 2.6)
    dry-struct (1.6.0)
      dry-core (~> 1.0, < 2)
      dry-types (>= 1.7, < 2)
      ice_nine (~> 0.11)
      zeitwerk (~> 2.6)
    dry-types (1.7.2)
      bigdecimal (~> 3.0)
      concurrent-ruby (~> 1.0)
      dry-core (~> 1.0)
      dry-inflector (~> 1.0)
      dry-logic (~> 1.4)
      zeitwerk (~> 2.6)
    ebnf (2.5.0)
      htmlentities (~> 4.3)
      rdf (~> 3.3)
      scanf (~> 1.0)
      sxp (~> 2.0)
      unicode-types (~> 1.8)
    faraday (1.10.3)
      faraday-em_http (~> 1.0)
      faraday-em_synchrony (~> 1.0)
      faraday-excon (~> 1.1)
      faraday-httpclient (~> 1.0)
      faraday-multipart (~> 1.0)
      faraday-net_http (~> 1.0)
      faraday-net_http_persistent (~> 1.0)
      faraday-patron (~> 1.0)
      faraday-rack (~> 1.0)
      faraday-retry (~> 1.0)
      ruby2_keywords (>= 0.0.4)
    faraday-em_http (1.0.0)
    faraday-em_synchrony (1.0.0)
    faraday-encoding (0.0.6)
      faraday
    faraday-excon (1.1.0)
    faraday-http-cache (2.5.1)
      faraday (>= 0.8)
    faraday-httpclient (1.0.1)
    faraday-multipart (1.0.4)
      multipart-post (~> 2)
    faraday-net_http (1.0.2)
    faraday-net_http_persistent (1.2.0)
    faraday-patron (1.0.0)
    faraday-rack (1.0.0)
    faraday-retry (1.0.3)
    faraday_middleware (1.2.0)
      faraday (~> 1.0)
    hashdiff (1.1.1)
    htmlentities (4.3.4)
    i18n (1.14.5)
      concurrent-ruby (~> 1.0)
    ice_nine (0.11.2)
    jmespath (1.6.2)
    json (2.7.2)
    json-canonicalization (1.0.0)
    json-ld (3.3.2)
      htmlentities (~> 4.3)
      json-canonicalization (~> 1.0)
      link_header (~> 0.0, >= 0.0.8)
      multi_json (~> 1.15)
      rack (>= 2.2, < 4)
      rdf (~> 3.3)
      rexml (~> 3.2)
    language_server-protocol (3.17.0.3)
    link_header (0.0.8)
    logger (1.6.0)
    marc (1.2.0)
      rexml
      scrub_rb (>= 1.0.1, < 2)
      unf
    matrix (0.4.2)
    method_source (1.1.0)
    minitest (5.25.1)
    multi_json (1.15.0)
    multipart-post (2.4.1)
    net-http-persistent (4.0.2)
      connection_pool (~> 2.2)
    parallel (1.26.3)
    parser (3.3.4.2)
      ast (~> 2.4.1)
      racc
    pry (0.14.2)
      coderay (~> 1.1)
      method_source (~> 1.0)
    pry-byebug (3.10.1)
      byebug (~> 11.0)
      pry (>= 0.13, < 0.15)
    public_suffix (6.0.1)
    racc (1.8.1)
    rack (3.1.7)
    rainbow (3.1.1)
    rake (13.2.1)
    rdf (3.3.2)
      bcp47_spec (~> 0.2)
      bigdecimal (~> 3.1, >= 3.1.5)
      link_header (~> 0.0, >= 0.0.8)
    rdf-aggregate-repo (3.3.0)
      rdf (~> 3.3)
    rdf-rdfxml (3.3.0)
      builder (~> 3.2, >= 3.2.4)
      htmlentities (~> 4.3)
      rdf (~> 3.3)
      rdf-xsd (~> 3.3)
    rdf-turtle (3.3.1)
      base64 (~> 0.2)
      bigdecimal (~> 3.1, >= 3.1.5)
      ebnf (~> 2.5)
      rdf (~> 3.3)
    rdf-xsd (3.3.0)
      rdf (~> 3.3)
      rexml (~> 3.2)
    regexp_parser (2.9.2)
    rexml (3.3.6)
      strscan
    rspec (3.13.0)
      rspec-core (~> 3.13.0)
      rspec-expectations (~> 3.13.0)
      rspec-mocks (~> 3.13.0)
    rspec-core (3.13.0)
      rspec-support (~> 3.13.0)
    rspec-expectations (3.13.2)
      diff-lcs (>= 1.2.0, < 2.0)
      rspec-support (~> 3.13.0)
    rspec-mocks (3.13.1)
      diff-lcs (>= 1.2.0, < 2.0)
      rspec-support (~> 3.13.0)
    rspec-support (3.13.1)
    rspec_junit_formatter (0.6.0)
      rspec-core (>= 2, < 4, != 2.12.0)
    rubocop (1.65.1)
      json (~> 2.3)
      language_server-protocol (>= 3.17.0)
      parallel (~> 1.10)
      parser (>= 3.3.0.2)
      rainbow (>= 2.2.2, < 4.0)
      regexp_parser (>= 2.4, < 3.0)
      rexml (>= 3.2.5, < 4.0)
      rubocop-ast (>= 1.31.1, < 2.0)
      ruby-progressbar (~> 1.7)
      unicode-display_width (>= 2.4.0, < 3.0)
    rubocop-ast (1.32.1)
      parser (>= 3.3.1.0)
    rubocop-rspec (3.0.4)
      rubocop (~> 1.61)
    ruby-progressbar (1.13.0)
    ruby2_keywords (0.0.5)
    scanf (1.0.0)
    scrub_rb (1.0.1)
    securerandom (0.3.1)
    simplecov (0.22.0)
      docile (~> 1.1)
      simplecov-html (~> 0.11)
      simplecov_json_formatter (~> 0.1)
    simplecov-html (0.12.3)
    simplecov_json_formatter (0.1.4)
    sparql (3.3.1)
      builder (~> 3.2, >= 3.2.4)
      ebnf (~> 2.5)
      logger (~> 1.5)
      rdf (~> 3.3)
      rdf-aggregate-repo (~> 3.3)
      rdf-xsd (~> 3.3)
      sparql-client (~> 3.3)
      sxp (~> 2.0)
    sparql-client (3.3.0)
      net-http-persistent (~> 4.0, >= 4.0.2)
      rdf (~> 3.3)
    strscan (3.1.0)
    sxp (2.0.0)
      matrix (~> 0.4)
      rdf (~> 3.3)
    tzinfo (2.0.6)
      concurrent-ruby (~> 1.0)
    unf (0.2.0)
    unicode-display_width (2.5.0)
    unicode-types (1.9.0)
    vcr (6.3.1)
      base64
    webmock (3.23.1)
      addressable (>= 2.8.0)
      crack (>= 0.3.2)
      hashdiff (>= 0.4.0, < 2.0.0)
    zeitwerk (2.6.10)

PLATFORMS
  ruby

DEPENDENCIES
  activesupport
  aws-sdk-s3
  dry-struct
  dry-types
  faraday
  faraday-encoding
  faraday-http-cache
  faraday_middleware
  json-ld
  marc
  pry-byebug
  rake
  rdf-rdfxml
  rdf-turtle
  rspec
  rspec_junit_formatter
  rubocop
  rubocop-rspec
  simplecov (~> 0.21)
  sparql
  vcr
  webmock
  zeitwerk (<= 2.6.10)

BUNDLED WITH
   2.5.14
